PATH
  remote: .
  specs:
    rails_grpc (0.1.0)
      grpc
      protobuf

GEM
  remote: https://rubygems.org/
  specs:
    activesupport (5.2.0)
      concurrent-ruby (~> 1.0, >= 1.0.2)
      i18n (>= 0.7, < 2)
      minitest (~> 5.1)
      tzinfo (~> 1.1)
    concurrent-ruby (1.0.5)
    diff-lcs (1.3)
    google-protobuf (3.6.1)
    googleapis-common-protos-types (1.0.1)
      google-protobuf (~> 3.0)
    grpc (1.13.0)
      google-protobuf (~> 3.1)
      googleapis-common-protos-types (~> 1.0.0)
    i18n (1.0.1)
      concurrent-ruby (~> 1.0)
    middleware (0.1.0)
    minitest (5.11.3)
    protobuf (3.8.4)
      activesupport (>= 3.2)
      middleware
      thor
      thread_safe
    rake (10.5.0)
    rspec (3.7.0)
      rspec-core (~> 3.7.0)
      rspec-expectations (~> 3.7.0)
      rspec-mocks (~> 3.7.0)
    rspec-core (3.7.1)
      rspec-support (~> 3.7.0)
    rspec-expectations (3.7.0)
      diff-lcs (>= 1.2.0, < 2.0)
      rspec-support (~> 3.7.0)
    rspec-mocks (3.7.0)
      diff-lcs (>= 1.2.0, < 2.0)
      rspec-support (~> 3.7.0)
    rspec-support (3.7.1)
    thor (0.20.0)
    thread_safe (0.3.6)
    tzinfo (1.2.5)
      thread_safe (~> 0.1)

PLATFORMS
  ruby

DEPENDENCIES
  bundler (~> 1.16)
  rails_grpc!
  rake (~> 10.0)
  rspec (~> 3.0)

BUNDLED WITH
   1.16.1
